GIT
  remote: https://github.com/dleavitt/bootstrap_kaminari.git
  revision: b83d5e4d1996f84a5f2dcac110c998cf5ab67c3e
  specs:
    bootstrap_kaminari (0.0.3)
      haml (>= 3.1.0)
      kaminari (>= 0.12.4)
      rails (>= 3.1.0)

GEM
  remote: https://rubygems.org/
  specs:
    POpen4 (0.1.4)
      Platform (>= 0.4.0)
      open4
    Platform (0.4.0)
    actionmailer (3.2.2)
      actionpack (= 3.2.2)
      mail (~> 2.4.0)
    actionpack (3.2.2)
      activemodel (= 3.2.2)
      activesupport (= 3.2.2)
      builder (~> 3.0.0)
      erubis (~> 2.7.0)
      journey (~> 1.0.1)
      rack (~> 1.4.0)
      rack-cache (~> 1.1)
      rack-test (~> 0.6.1)
      sprockets (~> 2.1.2)
    activemodel (3.2.2)
      activesupport (= 3.2.2)
      builder (~> 3.0.0)
    activerecord (3.2.2)
      activemodel (= 3.2.2)
      activesupport (= 3.2.2)
      arel (~> 3.0.2)
      tzinfo (~> 0.3.29)
    activeresource (3.2.2)
      activemodel (= 3.2.2)
      activesupport (= 3.2.2)
    activesupport (3.2.2)
      i18n (~> 0.6)
      multi_json (~> 1.0)
    arel (3.0.2)
    bcrypt-ruby (3.0.1)
    builder (3.0.0)
    cancan (1.6.7)
    coffee-rails (3.2.2)
      coffee-script (>= 2.2.0)
      railties (~> 3.2.0)
    coffee-script (2.2.0)
      coffee-script-source
      execjs
    coffee-script-source (1.2.0)
    commonjs (0.2.5)
    delayed_job (3.0.1)
      activesupport (~> 3.0)
    delayed_job_active_record (0.3.2)
      activerecord (> 2.1.0)
      delayed_job (~> 3.0.0)
    devise (2.0.4)
      bcrypt-ruby (~> 3.0)
      orm_adapter (~> 0.0.3)
      railties (~> 3.1)
      warden (~> 1.1.1)
    diff-lcs (1.1.3)
    erubis (2.7.0)
    execjs (1.3.0)
      multi_json (~> 1.0)
    factory_girl (3.0.0)
      activesupport (>= 3.0.0)
    factory_girl_rails (3.0.0)
      factory_girl (~> 3.0.0)
      railties (>= 3.0.0)
    ffaker (1.13.0)
    ffi (1.0.11)
    growl (1.0.3)
    guard (1.0.1)
      ffi (>= 0.5.0)
      thor (~> 0.14.6)
    guard-bundler (0.1.3)
      bundler (>= 1.0.0)
      guard (>= 0.2.2)
    guard-rspec (0.6.0)
      guard (>= 0.10.0)
    guard-spork (0.5.2)
      guard (>= 0.10.0)
      spork (>= 0.8.4)
    haml (3.1.4)
    haml-rails (0.3.4)
      actionpack (~> 3.0)
      activesupport (~> 3.0)
      haml (~> 3.0)
      railties (~> 3.0)
    has_scope (0.5.1)
    hike (1.2.1)
    i18n (0.6.0)
    inherited_resources (1.3.1)
      has_scope (~> 0.5.0)
      responders (~> 0.6)
    journey (1.0.3)
    jquery-rails (2.0.1)
      railties (>= 3.2.0, < 5.0)
      thor (~> 0.14)
    json (1.6.5)
    kaminari (0.13.0)
      actionpack (>= 3.0.0)
      activesupport (>= 3.0.0)
      railties (>= 3.0.0)
    less (2.0.11)
      commonjs (~> 0.2.0)
      therubyracer (~> 0.9.9)
    less-rails (2.1.8)
      actionpack (>= 3.1)
      less (~> 2.0.7)
    libv8 (3.3.10.4)
    mail (2.4.4)
      i18n (>= 0.4.0)
      mime-types (~> 1.16)
      treetop (~> 1.4.8)
    metaclass (0.0.1)
    mime-types (1.18)
    mocha (0.10.5)
      metaclass (~> 0.0.1)
    multi_json (1.1.0)
    open4 (1.3.0)
    orm_adapter (0.0.6)
    polyglot (0.3.3)
    rack (1.4.1)
    rack-cache (1.2)
      rack (>= 0.4)
    rack-ssl (1.3.2)
      rack
    rack-test (0.6.1)
      rack (>= 1.0)
    rails (3.2.2)
      actionmailer (= 3.2.2)
      actionpack (= 3.2.2)
      activerecord (= 3.2.2)
      activeresource (= 3.2.2)
      activesupport (= 3.2.2)
      bundler (~> 1.0)
      railties (= 3.2.2)
    railties (3.2.2)
      actionpack (= 3.2.2)
      activesupport (= 3.2.2)
      rack-ssl (~> 1.3.2)
      rake (>= 0.8.7)
      rdoc (~> 3.4)
      thor (~> 0.14.6)
    rake (0.9.2.2)
    rb-fsevent (0.9.0)
    rdoc (3.12)
      json (~> 1.4)
    responders (0.9.0)
      railties (~> 3.1)
    rspec (2.9.0)
      rspec-core (~> 2.9.0)
      rspec-expectations (~> 2.9.0)
      rspec-mocks (~> 2.9.0)
    rspec-core (2.9.0)
    rspec-expectations (2.9.0)
      diff-lcs (~> 1.1.3)
    rspec-mocks (2.9.0)
    rspec-rails (2.9.0)
      actionpack (>= 3.0)
      activesupport (>= 3.0)
      railties (>= 3.0)
      rspec (~> 2.9.0)
    ruby_gntp (0.3.4)
    simple-navigation (3.7.0)
      activesupport (>= 2.3.2)
    simple_form (2.0.1)
      actionpack (~> 3.0)
      activemodel (~> 3.0)
    spork (0.9.0)
    sprockets (2.1.2)
      hike (~> 1.2)
      rack (~> 1.0)
      tilt (~> 1.1, != 1.3.0)
    sqlite3 (1.3.5)
    state_machine (1.1.2)
    therubyracer (0.9.10)
      libv8 (~> 3.3.10)
    thor (0.14.6)
    tilt (1.3.3)
    treetop (1.4.10)
      polyglot
      polyglot (>= 0.3.1)
    twitter-bootstrap-rails (2.0.4)
      actionpack (>= 3.1)
      less-rails (~> 2.1.8)
      railties (>= 3.1)
    tzinfo (0.3.32)
    uglifier (1.2.3)
      execjs (>= 0.3.0)
      multi_json (>= 1.0.2)
    warden (1.1.1)
      rack (>= 1.0)
    yui-compressor (0.9.6)
      POpen4 (>= 0.1.4)

PLATFORMS
  ruby

DEPENDENCIES
  bootstrap_kaminari!
  cancan
  coffee-rails (~> 3.2.1)
  delayed_job_active_record
  devise
  factory_girl_rails
  ffaker
  growl
  guard
  guard-bundler
  guard-rspec
  guard-spork
  haml-rails
  has_scope
  inherited_resources
  jquery-rails
  kaminari
  less-rails
  mocha
  rails (= 3.2.2)
  rb-fsevent
  rspec-rails
  ruby_gntp
  simple-navigation
  simple_form
  sqlite3
  state_machine
  therubyracer
  twitter-bootstrap-rails
  uglifier (>= 1.0.3)
  yui-compressor
